GEM
  remote: http://rubygems.org/
  specs:
    commonmarker (0.20.1)
      ruby-enum (~> 0.5)
    concurrent-ruby (1.1.5)
    i18n (1.6.0)
      concurrent-ruby (~> 1.0)
    ruby-enum (0.7.2)
      i18n

PLATFORMS
  ruby

DEPENDENCIES
  commonmarker

BUNDLED WITH
   2.0.2
